{
    "TaskName": "driving",
    "Manufacturer": "Compumedics Neuroscan",
    "PowerLineFrequency": 60.0,
    "SamplingFrequency": 500.0,
    "SoftwareFilters": "n/a",
    "RecordingDuration": 3278.758,
    "RecordingType": "continuous",
    "EEGReference": "Mastoid reference electrodes A1 and A2 placed on opposite lateral mastoid bones (both recorded as data channels).",
    "EEGGround": "n/a",
    "EEGPlacementScheme": "Modified international 10-20 system: 30 scalp electrodes plus mastoid references A1, A2 (classic nomenclature; T3/T4/T5/T6 = T7/T8/P7/P8).",
    "EEGChannelCount": 32,
    "EOGChannelCount": 0,
    "ECGChannelCount": 0,
    "EMGChannelCount": 0,
    "MiscChannelCount": 1,
    "TriggerChannelCount": 0,
    "InstitutionName": "National Chiao Tung University",
    "InstitutionAddress": "Brain Research Center, Hsinchu, Taiwan",
    "ManufacturersModelName": "Scan SynAmps2 Express (the source paper also refers to a Scan NuAmps Express system)",
    "CapManufacturer": "Compumedics NeuroScan",
    "CapManufacturersModelName": "Quik-Cap (32-channel)",
    "SoftwareVersions": "Neuroscan Scan 4.5",
    "HardwareFilters": "n/a",
    "TaskDescription": "Event-related lane-departure sustained-attention driving task (designed for ~90 min; actual recording durations vary) in a VR driving simulator on a six-degree-of-freedom Stewart motion platform. Night-time straight four-lane highway at 100 km/h; random left/right lane drifts to which the participant counter-steers.",
    "Instructions": "Keep the car cruising in the centre of the third lane and steer it back to the centre as quickly as possible whenever it drifts; use the steering wheel only (no accelerator or brake)."
}
